GEM
  remote: https://rubygems.org/
  specs:
    activesupport (7.0.3.1)
      concurrent-ruby (~> 1.0, >= 1.0.2)
      i18n (>= 1.6, < 2)
      minitest (>= 5.1)
      tzinfo (~> 2.0)
    addressable (2.8.0)
      public_suffix (>= 2.0.2, < 5.0)
    ast (2.4.2)
    aws-eventstream (1.2.0)
    aws-partitions (1.619.0)
    aws-sdk-codecommit (1.51.0)
      aws-sdk-core (~> 3, >= 3.127.0)
      aws-sigv4 (~> 1.1)
    aws-sdk-core (3.132.0)
      aws-eventstream (~> 1, >= 1.0.2)
      aws-partitions (~> 1, >= 1.525.0)
      aws-sigv4 (~> 1.1)
      jmespath (~> 1, >= 1.6.1)
    aws-sdk-ecr (1.56.0)
      aws-sdk-core (~> 3, >= 3.127.0)
      aws-sigv4 (~> 1.1)
    aws-sigv4 (1.5.1)
      aws-eventstream (~> 1, >= 1.0.2)
    citrus (3.0.2)
    commonmarker (0.23.10)
    concurrent-ruby (1.1.10)
    dependabot-bundler (0.209.0)
      dependabot-common (= 0.209.0)
    dependabot-cargo (0.209.0)
      dependabot-common (= 0.209.0)
    dependabot-common (0.209.0)
      activesupport (>= 6.0.0)
      aws-sdk-codecommit (~> 1.28)
      aws-sdk-ecr (~> 1.5)
      bundler (>= 1.16, < 3.0.0)
      commonmarker (>= 0.20.1, < 0.24.0)
      docker_registry2 (~> 1.7, >= 1.7.1)
      excon (~> 0.75)
      faraday (= 2.3.0)
      gitlab (= 4.19.0)
      nokogiri (~> 1.8)
      octokit (>= 4.6, < 6.0)
      parser (>= 2.5, < 4.0)
      toml-rb (>= 1.1.2, < 3.0)
    dependabot-composer (0.209.0)
      dependabot-common (= 0.209.0)
    dependabot-docker (0.209.0)
      dependabot-common (= 0.209.0)
    dependabot-elm (0.209.0)
      dependabot-common (= 0.209.0)
    dependabot-git_submodules (0.209.0)
      dependabot-common (= 0.209.0)
      parseconfig (~> 1.0, < 1.1.0)
    dependabot-github_actions (0.209.0)
      dependabot-common (= 0.209.0)
    dependabot-go_modules (0.209.0)
      dependabot-common (= 0.209.0)
    dependabot-gradle (0.209.0)
      dependabot-common (= 0.209.0)
      dependabot-maven (= 0.209.0)
    dependabot-hex (0.209.0)
      dependabot-common (= 0.209.0)
    dependabot-maven (0.209.0)
      dependabot-common (= 0.209.0)
    dependabot-npm_and_yarn (0.209.0)
      dependabot-common (= 0.209.0)
    dependabot-nuget (0.209.0)
      dependabot-common (= 0.209.0)
    dependabot-omnibus (0.209.0)
      dependabot-bundler (= 0.209.0)
      dependabot-cargo (= 0.209.0)
      dependabot-common (= 0.209.0)
      dependabot-composer (= 0.209.0)
      dependabot-docker (= 0.209.0)
      dependabot-elm (= 0.209.0)
      dependabot-git_submodules (= 0.209.0)
      dependabot-github_actions (= 0.209.0)
      dependabot-go_modules (= 0.209.0)
      dependabot-gradle (= 0.209.0)
      dependabot-hex (= 0.209.0)
      dependabot-maven (= 0.209.0)
      dependabot-npm_and_yarn (= 0.209.0)
      dependabot-nuget (= 0.209.0)
      dependabot-pub (= 0.209.0)
      dependabot-python (= 0.209.0)
      dependabot-terraform (= 0.209.0)
    dependabot-pub (0.209.0)
      dependabot-common (= 0.209.0)
    dependabot-python (0.209.0)
      dependabot-common (= 0.209.0)
    dependabot-terraform (0.209.0)
      dependabot-common (= 0.209.0)
    docker_registry2 (1.11.0)
      rest-client (>= 1.8.0)
    domain_name (0.5.20190701)
      unf (>= 0.0.5, < 1.0.0)
    excon (0.92.4)
    faraday (2.3.0)
      faraday-net_http (~> 2.0)
      ruby2_keywords (>= 0.0.4)
    faraday-net_http (2.1.0)
    gitlab (4.19.0)
      httparty (~> 0.20)
      terminal-table (>= 1.5.1)
    http-accept (1.7.0)
    http-cookie (1.0.5)
      domain_name (~> 0.5)
    httparty (0.20.0)
      mime-types (~> 3.0)
      multi_xml (>= 0.5.2)
    i18n (1.12.0)
      concurrent-ruby (~> 1.0)
    io-console (0.5.11)
    irb (1.4.1)
      reline (>= 0.3.0)
    jmespath (1.6.1)
    mime-types (3.4.1)
      mime-types-data (~> 3.2015)
    mime-types-data (3.2022.0105)
    mini_portile2 (2.8.0)
    minitest (5.16.3)
    multi_xml (0.6.0)
    netrc (0.11.0)
    nokogiri (1.13.8)
      mini_portile2 (~> 2.8.0)
      racc (~> 1.4)
    octokit (5.2.0)
      faraday (>= 1, < 3)
      sawyer (~> 0.9)
    parseconfig (1.0.8)
    parser (3.1.2.1)
      ast (~> 2.4.1)
    public_suffix (4.0.7)
    racc (1.6.0)
    reline (0.3.1)
      io-console (~> 0.5)
    rest-client (2.1.0)
      http-accept (>= 1.7.0, < 2.0)
      http-cookie (>= 1.0.2, < 2.0)
      mime-types (>= 1.16, < 4.0)
      netrc (~> 0.8)
    ruby2_keywords (0.0.5)
    sawyer (0.9.2)
      addressable (>= 2.3.5)
      faraday (>= 0.17.3, < 3)
    terminal-table (3.0.2)
      unicode-display_width (>= 1.1.1, < 3)
    toml-rb (2.2.0)
      citrus (~> 3.0, > 3.0)
    tzinfo (2.0.5)
      concurrent-ruby (~> 1.0)
    unf (0.1.4)
      unf_ext
    unf_ext (0.0.8.2)
    unicode-display_width (2.2.0)

PLATFORMS
  ruby

DEPENDENCIES
  dependabot-omnibus (~> 0.209.0)
  irb

BUNDLED WITH
   1.17.3
